GIT
  remote: git://github.com/clearbit/mash.git
  revision: 30990c637ee9a72a69ff7f995170f6a812555383
  specs:
    mash (0.0.1)

GIT
  remote: git://github.com/maccman/nestful.git
  revision: 56e6e031c92c8ccd9af45cf924f1ad533061ffd2
  specs:
    nestful (1.0.9)

GIT
  remote: git://github.com/maccman/sinatra-contrib.git
  revision: 3dde2819a31791a9124d916c4449df0741af45f9
  specs:
    sinatra-contrib (1.4.1)
      multi_json
      rack-protection
      rack-test
      sinatra (~> 1.4.0)
      tilt (~> 1.3)

GIT
  remote: https://f79ceb3130051b8c05fdb7e510749b2783e06954:x-oauth-basic@github.com/maccman/apihub-contrib.git
  revision: 8135d7b117d43b61bb0e0a943351187f66ab5177
  specs:
    apihub-contrib (0.0.8)
      activesupport
      counterman (>= 0.0.3)
      minuteman
      nestful
      redis
      sequel

GIT
  remote: https://f79ceb3130051b8c05fdb7e510749b2783e06954:x-oauth-basic@github.com/maccman/email_providers.git
  revision: d51704cadf79ffffa54bf1d2c9bf674d04efb097
  specs:
    email_providers (0.0.2)

GEM
  remote: https://rubygems.org/
  specs:
    activesupport (4.2.1)
      i18n (~> 0.7)
      json (~> 1.7, >= 1.7.7)
      minitest (~> 5.1)
      thread_safe (~> 0.3, >= 0.3.4)
      tzinfo (~> 1.1)
    bk (1.0.0)
      text
    builder (3.2.2)
    celluloid (0.16.0)
      timers (~> 4.0.0)
    clearbit (0.1.4)
      nestful (~> 1.0.7)
    connection_pool (2.2.0)
    counterman (0.0.3)
      redis (~> 3.0.3)
    daemons (1.2.2)
    dalli (2.7.4)
    erubis (2.7.0)
    eventmachine (1.0.7)
    execjs (2.5.2)
    ffi (1.9.8)
    hitimes (1.2.2)
    i18n (0.7.0)
    json (1.8.2)
    listen (2.10.0)
      celluloid (~> 0.16.0)
      rb-fsevent (>= 0.9.3)
      rb-inotify (>= 0.9)
    madison (0.4.0)
      json
    mail (2.6.3)
      mime-types (>= 1.16, < 3)
    mime-types (2.4.3)
    minitest (5.6.1)
    minuteman (1.0.3)
      redis (~> 3.0.3)
    multi_json (1.11.0)
    pg (0.18.1)
    rack (1.6.0)
    rack-protection (1.5.3)
      rack
    rack-test (0.6.3)
      rack (>= 1.0)
    rake (10.4.2)
    rb-fsevent (0.9.4)
    rb-inotify (0.9.5)
      ffi (>= 0.5.0)
    redcarpet (3.1.1)
    redis (3.0.7)
    redis-namespace (1.5.2)
      redis (~> 3.0, >= 3.0.4)
    rerun (0.10.0)
      listen (~> 2.7, >= 2.7.3)
    sequel (4.22.0)
    sidekiq (3.3.3)
      celluloid (>= 0.16.0)
      connection_pool (>= 2.1.1)
      json
      redis (>= 3.0.6)
      redis-namespace (>= 1.3.1)
    sinatra (1.4.6)
      rack (~> 1.4)
      rack-protection (~> 1.4)
      tilt (>= 1.3, < 3)
    sinatra-sequel (0.9.0)
      sequel (>= 3.2.0)
      sinatra (>= 0.9.4)
    sprockets (3.0.2)
      rack (~> 1.0)
    stylus (1.0.1)
      execjs
      stylus-source
    stylus-source (0.31.0)
    text (1.3.1)
    thin (1.6.3)
      daemons (~> 1.0, >= 1.0.9)
      eventmachine (~> 1.0)
      rack (~> 1.0)
    thread_safe (0.3.5)
    tilt (1.4.1)
    timers (4.0.1)
      hitimes
    tzinfo (1.2.2)
      thread_safe (~> 0.1)

PLATFORMS
  ruby

DEPENDENCIES
  activesupport
  apihub-contrib!
  bk
  builder
  clearbit
  dalli
  email_providers!
  erubis
  i18n
  json
  madison
  mail
  mash!
  nestful!
  pg
  rake
  redcarpet (= 3.1.1)
  redis
  rerun
  sidekiq
  sinatra
  sinatra-contrib!
  sinatra-sequel
  sprockets
  stylus
  stylus-source (= 0.31.0)
  thin
